GEM
  remote: https://rubygems.org/
  specs:
    coderay (1.1.3)
    concurrent-ruby (1.1.9)
    diff-lcs (1.4.4)
    dry-auto_inject (0.8.0)
      dry-container (>= 0.3.4)
    dry-configurable (0.12.1)
      concurrent-ruby (~> 1.0)
      dry-core (~> 0.5, >= 0.5.0)
    dry-container (0.8.0)
      concurrent-ruby (~> 1.0)
      dry-configurable (~> 0.1, >= 0.1.3)
    dry-core (0.7.1)
      concurrent-ruby (~> 1.0)
    dry-inflector (0.2.1)
    dry-logic (1.2.0)
      concurrent-ruby (~> 1.0)
      dry-core (~> 0.5, >= 0.5)
    dry-monads (1.4.0)
      concurrent-ruby (~> 1.0)
      dry-core (~> 0.7)
    dry-struct (1.4.0)
      dry-core (~> 0.5, >= 0.5)
      dry-types (~> 1.5)
      ice_nine (~> 0.11)
    dry-system (0.19.1)
      concurrent-ruby (~> 1.0)
      dry-auto_inject (>= 0.4.0)
      dry-configurable (~> 0.12, >= 0.12.1)
      dry-container (~> 0.7, >= 0.7.2)
      dry-core (~> 0.5, >= 0.5)
      dry-inflector (~> 0.1, >= 0.1.2)
      dry-struct (~> 1.0)
    dry-types (1.5.1)
      concurrent-ruby (~> 1.0)
      dry-container (~> 0.3)
      dry-core (~> 0.5, >= 0.5)
      dry-inflector (~> 0.1, >= 0.1.2)
      dry-logic (~> 1.0, >= 1.0.2)
    ice_nine (0.11.2)
    method_source (1.0.0)
    pry (0.14.1)
      coderay (~> 1.1)
      method_source (~> 1.0)
    rspec (3.10.0)
      rspec-core (~> 3.10.0)
      rspec-expectations (~> 3.10.0)
      rspec-mocks (~> 3.10.0)
    rspec-core (3.10.1)
      rspec-support (~> 3.10.0)
    rspec-expectations (3.10.1)
      diff-lcs (>= 1.2.0, < 2.0)
      rspec-support (~> 3.10.0)
    rspec-mocks (3.10.2)
      diff-lcs (>= 1.2.0, < 2.0)
      rspec-support (~> 3.10.0)
    rspec-support (3.10.2)

PLATFORMS
  ruby

DEPENDENCIES
  dry-monads
  dry-system (~> 0.19)
  pry
  rspec (~> 3.0)

RUBY VERSION
   ruby 3.0.2p107

BUNDLED WITH
   2.2.22
